GEM
  remote: https://rubygems.org/
  specs:
    moneta (0.8.0)
    odyssey (0.2.0)
      require_all
    rack (1.6.4)
    rack-protection (1.5.3)
      rack
    redis (3.3.1)
    require_all (1.3.3)
    sinatra (1.4.7)
      rack (~> 1.5)
      rack-protection (~> 1.4)
      tilt (>= 1.3, < 3)
    tilt (2.0.5)
    unindent (1.0)

PLATFORMS
  ruby

DEPENDENCIES
  moneta
  odyssey
  redis
  sinatra
  unindent

BUNDLED WITH
   1.13.5
